GEM
  remote: https://enterprise.contribsys.com/
  specs:
    sidekiq-ent (2.5.0)
      einhorn (>= 0.7.4)
      sidekiq (>= 6.5.0)
      sidekiq-pro (>= 5.5.0)
    sidekiq-pro (5.5.0)
      sidekiq (>= 6.5.0)

GEM
  remote: https://rubygems.org/
  specs:
    connection_pool (2.2.5)
    einhorn (1.0.0)
    rack (2.2.4)
    redis (4.8.0)
    sidekiq (6.5.6)
      connection_pool (>= 2.2.5)
      rack (~> 2.0)
      redis (>= 4.5.0, < 5)

PLATFORMS
  arm64-darwin-21

DEPENDENCIES
  sidekiq-ent (= 2.5.0)!
  sidekiq-pro (= 5.5.0)!

RUBY VERSION
   ruby 2.7.2p137

BUNDLED WITH
   2.3.13
